GEM
  remote: https://rubygems.org/
  specs:
    aws-sdk (2.6.18)
      aws-sdk-resources (= 2.6.18)
    aws-sdk-core (2.6.18)
      jmespath (~> 1.0)
    aws-sdk-resources (2.6.18)
      aws-sdk-core (= 2.6.18)
    binding_of_caller (0.7.2)
      debug_inspector (>= 0.0.1)
    clamp (1.1.1)
    coderay (1.1.0)
    colorize (0.8.1)
    debug_inspector (0.0.2)
    interception (0.5)
    jmespath (1.3.1)
    method_source (0.8.2)
    pry (0.10.3)
      coderay (~> 1.1.0)
      method_source (~> 0.8.1)
      slop (~> 3.4)
    pry-rescue (1.4.2)
      interception (>= 0.5)
      pry
    pry-stack_explorer (0.4.9.2)
      binding_of_caller (>= 0.7)
      pry (>= 0.9.11)
    slop (3.6.0)

PLATFORMS
  ruby

DEPENDENCIES
  aws-sdk
  clamp
  colorize
  pry-rescue
  pry-stack_explorer

BUNDLED WITH
   1.12.5
